GEM
  remote: https://rubygems.org/
  specs:
    rack (3.1.8)
    rackup (2.1.0)
      rack (>= 3)
      webrick (~> 1.8)
    webrick (1.8.2)

PLATFORMS
  arm64-darwin-23

DEPENDENCIES
  rackup
  webrick

BUNDLED WITH
   2.4.19
